GIT
  remote: git://github.com/rspec/rspec-core.git
  revision: d9d7b4ff9378c338a1304a3cb92b2205cea8f30b
  branch: master
  specs:
    rspec-core (3.6.0.pre)
      rspec-support (= 3.6.0.pre)

GIT
  remote: git://github.com/rspec/rspec-expectations.git
  revision: a271631e9b8e1749be876dbcc65dbd7a6a40d2db
  branch: master
  specs:
    rspec-expectations (3.6.0.pre)
      diff-lcs (>= 1.2.0, < 2.0)
      rspec-support (= 3.6.0.pre)

GIT
  remote: git://github.com/rspec/rspec-mocks.git
  revision: e77b27a99932c0ea004b2c9b3b39f31b787279a4
  branch: master
  specs:
    rspec-mocks (3.6.0.pre)
      diff-lcs (>= 1.2.0, < 2.0)
      rspec-support (= 3.6.0.pre)

GIT
  remote: git://github.com/rspec/rspec-support.git
  revision: abd792d51ec8f79111d815a55e527048c0523a1d
  branch: master
  specs:
    rspec-support (3.6.0.pre)

GEM
  remote: https://rubygems.org/
  specs:
    diff-lcs (1.2.5)

PLATFORMS
  ruby

DEPENDENCIES
  rspec-core!
  rspec-expectations!
  rspec-mocks!
  rspec-support!

BUNDLED WITH
   1.12.5
